GEM
  remote: https://rubygems.org/
  specs:
    CFPropertyList (2.2.8)
    diff-lcs (1.2.5)
    facter (2.4.4)
      CFPropertyList (~> 2.2.6)
    hiera (1.3.4)
      json_pure
    json_pure (1.8.3)
    puppet (3.8.4)
      facter (> 1.6, < 3)
      hiera (~> 1.0)
      json_pure
    rspec (2.99.0)
      rspec-core (~> 2.99.0)
      rspec-expectations (~> 2.99.0)
      rspec-mocks (~> 2.99.0)
    rspec-core (2.99.2)
    rspec-expectations (2.99.2)
      diff-lcs (>= 1.1.3, < 2.0)
    rspec-mocks (2.99.3)
    rspec-puppet (2.3.0)
      rspec

PLATFORMS
  ruby

DEPENDENCIES
  puppet (= 3.8.4)
  rspec (< 3.0.0)
  rspec-puppet (~> 2.3)
